GEM
  remote: https://rubygems.org/
  specs:
    RedCloth (4.2.9)
    actionmailer (3.2.1)
      actionpack (= 3.2.1)
      mail (~> 2.4.0)
    actionpack (3.2.1)
      activemodel (= 3.2.1)
      activesupport (= 3.2.1)
      builder (~> 3.0.0)
      erubis (~> 2.7.0)
      journey (~> 1.0.1)
      rack (~> 1.4.0)
      rack-cache (~> 1.1)
      rack-test (~> 0.6.1)
      sprockets (~> 2.1.2)
    activemodel (3.2.1)
      activesupport (= 3.2.1)
      builder (~> 3.0.0)
    activerecord (3.2.1)
      activemodel (= 3.2.1)
      activesupport (= 3.2.1)
      arel (~> 3.0.0)
      tzinfo (~> 0.3.29)
    activeresource (3.2.1)
      activemodel (= 3.2.1)
      activesupport (= 3.2.1)
    activesupport (3.2.1)
      i18n (~> 0.6)
      multi_json (~> 1.0)
    acts_as_xlsx (1.0.6)
      activerecord (>= 2.3.9)
      axlsx (>= 1.0.13)
      i18n (>= 0.4.1)
    arel (3.0.2)
    axlsx (1.3.3)
      htmlentities (~> 4.3.1)
      nokogiri (>= 1.4.1)
      rubyzip (>= 0.9.5)
    bcrypt-ruby (3.0.1)
    builder (3.0.4)
    capistrano (2.14.1)
      highline
      net-scp (>= 1.0.0)
      net-sftp (>= 2.0.0)
      net-ssh (>= 2.0.14)
      net-ssh-gateway (>= 1.1.0)
    coffee-rails (3.2.2)
      coffee-script (>= 2.2.0)
      railties (~> 3.2.0)
    coffee-script (2.2.0)
      coffee-script-source
      execjs
    coffee-script-source (1.3.3)
    cucumber (1.2.1)
      builder (>= 2.1.2)
      diff-lcs (>= 1.1.3)
      gherkin (~> 2.11.0)
      json (>= 1.4.6)
    devise (2.1.2)
      bcrypt-ruby (~> 3.0)
      orm_adapter (~> 0.1)
      railties (~> 3.1)
      warden (~> 1.2.1)
    diff-lcs (1.2.0)
    erubis (2.7.0)
    execjs (1.4.0)
      multi_json (~> 1.0)
    gherkin (2.11.5)
      json (>= 1.4.6)
    highline (1.6.15)
    hike (1.2.1)
    hoe (3.5.0)
      rake (>= 0.8, < 11.0)
    htmlentities (4.3.1)
    i18n (0.6.1)
    journey (1.0.4)
    jquery-rails (2.1.3)
      railties (>= 3.1.0, < 5.0)
      thor (~> 0.14)
    jquery-tablesorter (1.3.0)
      railties (~> 3.1)
    json (1.7.5)
    kaminari (0.14.1)
      actionpack (>= 3.0.0)
      activesupport (>= 3.0.0)
    libv8 (3.3.10.4)
    mail (2.4.4)
      i18n (>= 0.4.0)
      mime-types (~> 1.16)
      treetop (~> 1.4.8)
    meta_search (1.1.3)
      actionpack (~> 3.1)
      activerecord (~> 3.1)
      activesupport (~> 3.1)
      polyamorous (~> 0.5.0)
    mime-types (1.19)
    multi_json (1.3.6)
    net-scp (1.0.4)
      net-ssh (>= 1.99.1)
    net-sftp (2.0.5)
      net-ssh (>= 2.0.9)
    net-ssh (2.6.1)
    net-ssh-gateway (1.1.0)
      net-ssh (>= 1.99.1)
    newgem (1.5.2)
      RedCloth (>= 4.1.1)
      activesupport (>= 2.0.2)
      cucumber (>= 0.3.11)
      hoe (>= 2.3.1)
      hoe (>= 2.3.1)
      rubigen (>= 1.5.2)
      syntax (>= 1.0.0)
    nokogiri (1.5.5)
    orm_adapter (0.4.0)
    pdf-stamper (0.3.0)
      hoe (>= 1.8.0)
      newgem (>= 1.2.3)
    polyamorous (0.5.0)
      activerecord (~> 3.0)
    polyglot (0.3.3)
    powder (0.1.8)
      thor (>= 0.11.5)
    rack (1.4.1)
    rack-cache (1.2)
      rack (>= 0.4)
    rack-ssl (1.3.2)
      rack
    rack-test (0.6.2)
      rack (>= 1.0)
    rails (3.2.1)
      actionmailer (= 3.2.1)
      actionpack (= 3.2.1)
      activerecord (= 3.2.1)
      activeresource (= 3.2.1)
      activesupport (= 3.2.1)
      bundler (~> 1.0)
      railties (= 3.2.1)
    railties (3.2.1)
      actionpack (= 3.2.1)
      activesupport (= 3.2.1)
      rack-ssl (~> 1.3.2)
      rake (>= 0.8.7)
      rdoc (~> 3.4)
      thor (~> 0.14.6)
    rake (0.9.2.2)
    rdoc (3.12)
      json (~> 1.4)
    rubigen (1.5.7)
      activesupport (>= 2.3.5)
      i18n
    rubyzip (0.9.9)
    sass (3.2.1)
    sass-rails (3.2.6)
      railties (~> 3.2.0)
      sass (>= 3.1.10)
      tilt (~> 1.3)
    sorted (0.4.3)
    sprockets (2.1.3)
      hike (~> 1.2)
      rack (~> 1.0)
      tilt (~> 1.1, != 1.3.0)
    sqlite3 (1.3.6)
    syntax (1.0.0)
    therubyracer (0.10.2)
      libv8 (~> 3.3.10)
    thor (0.14.6)
    tilt (1.3.3)
    treetop (1.4.11)
      polyglot
      polyglot (>= 0.3.1)
    tzinfo (0.3.33)
    uglifier (1.3.0)
      execjs (>= 0.3.0)
      multi_json (~> 1.0, >= 1.0.2)
    warden (1.2.1)
      rack (>= 1.0)

PLATFORMS
  ruby

DEPENDENCIES
  actionmailer (= 3.2.1)
  actionpack (= 3.2.1)
  activemodel (= 3.2.1)
  activerecord (= 3.2.1)
  activeresource (= 3.2.1)
  activesupport (= 3.2.1)
  acts_as_xlsx (= 1.0.6)
  arel (= 3.0.2)
  axlsx (= 1.3.3)
  bcrypt-ruby (= 3.0.1)
  builder (= 3.0.4)
  capistrano
  coffee-rails (~> 3.2.1)
  coffee-script (= 2.2.0)
  coffee-script-source (= 1.3.3)
  devise (= 2.1.2)
  erubis (= 2.7.0)
  execjs (= 1.4.0)
  highline (= 1.6.15)
  hike (= 1.2.1)
  htmlentities (= 4.3.1)
  i18n (= 0.6.1)
  journey (= 1.0.4)
  jquery-rails (= 2.1.3)
  jquery-tablesorter (= 1.3.0)
  json (= 1.7.5)
  kaminari (= 0.14.1)
  libv8 (= 3.3.10.4)
  mail (= 2.4.4)
  meta_search (= 1.1.3)
  mime-types (= 1.19)
  multi_json (= 1.3.6)
  net-scp (= 1.0.4)
  net-sftp (= 2.0.5)
  net-ssh (= 2.6.1)
  nokogiri (= 1.5.5)
  orm_adapter (= 0.4.0)
  pdf-stamper
  polyamorous (= 0.5.0)
  polyglot (= 0.3.3)
  powder
  rack (= 1.4.1)
  rack-cache (= 1.2)
  rack-ssl (= 1.3.2)
  rack-test (= 0.6.2)
  rails (= 3.2.1)
  railties (= 3.2.1)
  rake (= 0.9.2.2)
  rdoc (= 3.12)
  rubyzip (= 0.9.9)
  sass (= 3.2.1)
  sass-rails (~> 3.2.3)
  sorted (= 0.4.3)
  sprockets (= 2.1.3)
  sqlite3 (= 1.3.6)
  therubyracer
  thor (= 0.14.6)
  tilt (= 1.3.3)
  treetop (= 1.4.11)
  tzinfo (= 0.3.33)
  uglifier (>= 1.0.3)
  warden (= 1.2.1)
